GEM
  remote: https://rubygems.org/
  specs:
    ffi (1.9.3)
    fontcustom (1.3.2)
      json (~> 1.4)
      listen (~> 1.0)
      thor (~> 0.14)
    json (1.8.1)
    listen (1.3.1)
      rb-fsevent (>= 0.9.3)
      rb-inotify (>= 0.9)
      rb-kqueue (>= 0.2)
    rake (10.1.1)
    rb-fsevent (0.9.4)
    rb-inotify (0.9.3)
      ffi (>= 0.5.0)
    rb-kqueue (0.2.0)
      ffi (>= 0.5.0)
    thor (0.18.1)

PLATFORMS
  ruby

DEPENDENCIES
  fontcustom
  rake
